GIT
  remote: git://github.com/itelab/AerospikeCRuby.git
  revision: ee455793b0fba52cdbb33945b1ef7338eeefd578
  specs:
    aerospike_c_ruby (0.3.0)

PATH
  remote: .
  specs:
    aerospike_c_ruby_rails_cache (0.0.1)
      activesupport
      aerospike_c_ruby

GEM
  remote: https://rubygems.org/
  specs:
    activesupport (4.2.6)
      i18n (~> 0.7)
      json (~> 1.7, >= 1.7.7)
      minitest (~> 5.1)
      thread_safe (~> 0.3, >= 0.3.4)
      tzinfo (~> 1.1)
    i18n (0.7.0)
    json (1.8.3)
    minitest (5.8.4)
    sqlite3 (1.3.11)
    thread_safe (0.3.5)
    tzinfo (1.2.2)
      thread_safe (~> 0.1)

PLATFORMS
  ruby

DEPENDENCIES
  aerospike_c_ruby!
  aerospike_c_ruby_rails_cache!
  sqlite3

BUNDLED WITH
   1.11.2
